PATH
  remote: .
  specs:
    squeezy (0.0.1)
      glassfish
      sinatra

GEM
  remote: http://rubygems.org/
  specs:
    glassfish (1.0.2-java)
      rack (>= 0.4.0)
    rack (1.2.1)
    rake (0.8.7)
    rspec (1.3.1)
    sinatra (1.0)
      rack (>= 1.0)

PLATFORMS
  java

DEPENDENCIES
  bundler (>= 1.0.0)
  glassfish
  rake
  rspec (~> 1.3.0)
  sinatra
  squeezy!
