PATH
  remote: .
  specs:
    squeezy (0.0.1)
      puma (= 2.8.2)
      sinatra
      uglifier (= 2.5.3)

GEM
  remote: https://rubygems.org/
  specs:
    execjs (2.2.2)
    json (1.8.1)
    json (1.8.1-java)
    puma (2.8.2)
      rack (>= 1.1, < 2.0)
    puma (2.8.2-java)
      rack (>= 1.1, < 2.0)
    rack (1.6.11)
    rack-protection (1.5.3)
      rack
    rake (10.3.2)
    rspec (1.3.1)
    sinatra (1.4.5)
      rack (~> 1.4)
      rack-protection (~> 1.4)
      tilt (~> 1.3, >= 1.3.4)
    tilt (1.4.1)
    uglifier (2.5.3)
      execjs (>= 0.3.0)
      json (>= 1.8.0)

PLATFORMS
  java
  ruby

DEPENDENCIES
  bundler (>= 1.0.0)
  rake (= 10.3.2)
  rspec (~> 1.3.0)
  squeezy!
