PATH
  remote: .
  specs:
    squeezy (0.0.1)
      sinatra
      trinidad

GEM
  remote: https://rubygems.org/
  specs:
    jruby-rack (1.1.14)
    rack (1.5.2)
    rack-protection (1.5.3)
      rack
    rake (0.8.7)
    rspec (1.3.1)
    sinatra (1.4.5)
      rack (~> 1.4)
      rack-protection (~> 1.4)
      tilt (~> 1.3, >= 1.3.4)
    tilt (1.4.1)
    trinidad (1.4.6)
      jruby-rack (~> 1.1.13)
      trinidad_jars (>= 1.3.0, < 1.5.0)
    trinidad_jars (1.4.0)

PLATFORMS
  java

DEPENDENCIES
  bundler (>= 1.0.0)
  rake
  rspec (~> 1.3.0)
  squeezy!
