GEM
  remote: http://rubygems.org/
  specs:
    glassfish (1.0.2-java)
      rack (>= 0.4.0)
    rack (1.2.1)
    sinatra (1.0)
      rack (>= 1.0)

PLATFORMS
  java

DEPENDENCIES
  glassfish
  sinatra
