PATH
  remote: .
  specs:
    squeezy (0.0.1)
      glassfish
      sinatra

GEM
  remote: https://rubygems.org/
  specs:
    glassfish (1.0.3-java)
      rack (>= 0.4.0)
    rack (1.2.1)
    rake (0.8.7)
    rspec (1.3.1)
    sinatra (1.1.2)
      rack (~> 1.1)
      tilt (~> 1.2)
    tilt (1.2.2)

PLATFORMS
  java

DEPENDENCIES
  bundler (>= 1.0.0)
  rake
  rspec (~> 1.3.0)
  squeezy!
